GEM
  remote: https://rubygems.org/
  specs:
    rr (1.1.1)

PLATFORMS
  ruby

DEPENDENCIES
  rr
